GIT
  remote: git://github.com/eljojo/telegram_bot.git
  revision: 8df3c4552505dd8fb2f900e9f9789acfe23feada
  specs:
    telegram_bot (0.0.7)
      excon (>= 0.30.0)
      virtus (>= 1.0.0)

GEM
  remote: https://rubygems.org/
  specs:
    axiom-types (0.1.1)
      descendants_tracker (~> 0.0.4)
      ice_nine (~> 0.11.0)
      thread_safe (~> 0.3, >= 0.3.1)
    coercible (1.0.0)
      descendants_tracker (~> 0.0.1)
    descendants_tracker (0.0.4)
      thread_safe (~> 0.3, >= 0.3.1)
    elasticsearch (5.0.4)
      elasticsearch-api (= 5.0.4)
      elasticsearch-transport (= 5.0.4)
    elasticsearch-api (5.0.4)
      multi_json
    elasticsearch-transport (5.0.4)
      faraday
      multi_json
    equalizer (0.0.11)
    excon (0.56.0)
    faraday (0.12.1)
      multipart-post (>= 1.2, < 3)
    ice_nine (0.11.2)
    multi_json (1.12.1)
    multipart-post (2.0.0)
    thread_safe (0.3.6)
    virtus (1.0.5)
      axiom-types (~> 0.1)
      coercible (~> 1.0)
      descendants_tracker (~> 0.0, >= 0.0.3)
      equalizer (~> 0.0, >= 0.0.9)

PLATFORMS
  ruby

DEPENDENCIES
  elasticsearch
  telegram_bot!

BUNDLED WITH
   1.14.6
